GEM
  remote: https://rubygems.org/
  specs:
    ffi (1.12.2)
    io-console (0.5.6)
    reline (0.1.3)
      io-console (~> 0.5)
    rubyserial (0.6.0)
      ffi (~> 1.9, >= 1.9.3)
    systemu (2.6.5)

PLATFORMS
  ruby

DEPENDENCIES
  reline
  rubyserial
  systemu

BUNDLED WITH
   2.1.4
